GEM
  remote: https://www.rubygems.org/
  specs:
    aws-sdk (2.6.43)
      aws-sdk-resources (= 2.6.43)
    aws-sdk-core (2.6.43)
      aws-sigv4 (~> 1.0)
      jmespath (~> 1.0)
    aws-sdk-resources (2.6.43)
      aws-sdk-core (= 2.6.43)
    aws-sigv4 (1.0.0)
    jmespath (1.3.1)
    json (2.0.2)
    mime-types (3.1)
      mime-types-data (~> 3.2015)
    mime-types-data (3.2016.0521)
    parallel (1.10.0)
    rake (12.0.0)
    s3_deployer (0.7.1)
      aws-sdk
      json
      mime-types
      parallel
      tzinfo
    thread_safe (0.3.5)
    tzinfo (1.2.2)
      thread_safe (~> 0.1)

PLATFORMS
  ruby

DEPENDENCIES
  rake
  s3_deployer

BUNDLED WITH
   1.13.7
